GIT
  remote: git@github.com:kisakov/jekyll-compose.git
  revision: e817392ae36c21a11e40bb777322963ecc4fb65b
  specs:
    jekyll-compose (0.6.1)
      jekyll (>= 3.0.0)

GIT
  remote: git@github.com:kisakov/jekyll-email.git
  revision: 118cdf25859882b2c23dc6a22380c17af4c16c12
  specs:
    jekyll-email (0.6.1)
      dotenv
      highline
      jekyll (~> 3.3)
      letter_opener
      mail

GIT
  remote: git@github.com:kisakov/jekyll-image-resizer.git
  revision: 2ce5547602fa467758c961e7474a925f21d203c4
  specs:
    jekyll-image-resizer (0.5.0)
      jekyll (~> 3.3)
      mini_magick

GEM
  remote: https://rubygems.org/
  specs:
    addressable (2.5.2)
      public_suffix (>= 2.0.2, < 4.0)
    colorator (1.1.0)
    concurrent-ruby (1.0.5)
    dotenv (2.2.1)
    em-websocket (0.5.1)
      eventmachine (>= 0.12.9)
      http_parser.rb (~> 0.6.0)
    eventmachine (1.2.5)
    ffi (1.9.18)
    forwardable-extended (2.6.0)
    highline (1.7.10)
    http_parser.rb (0.6.0)
    i18n (0.9.1)
      concurrent-ruby (~> 1.0)
    jekyll (3.7.0)
      addressable (~> 2.4)
      colorator (~> 1.0)
      em-websocket (~> 0.5)
      i18n (~> 0.7)
      jekyll-sass-converter (~> 1.0)
      jekyll-watch (~> 2.0)
      kramdown (~> 1.14)
      liquid (~> 4.0)
      mercenary (~> 0.3.3)
      pathutil (~> 0.9)
      rouge (>= 1.7, < 4)
      safe_yaml (~> 1.0)
    jekyll-paginate (1.1.0)
    jekyll-sass-converter (1.5.1)
      sass (~> 3.4)
    jekyll-sitemap (1.1.1)
      jekyll (~> 3.3)
    jekyll-tagging (1.1.0)
      nuggets
    jekyll-watch (2.0.0)
      listen (~> 3.0)
    kramdown (1.16.2)
    launchy (2.4.3)
      addressable (~> 2.3)
    letter_opener (1.6.0)
      launchy (~> 2.2)
    liquid (4.0.0)
    listen (3.1.5)
      rb-fsevent (~> 0.9, >= 0.9.4)
      rb-inotify (~> 0.9, >= 0.9.7)
      ruby_dep (~> 1.2)
    mail (2.7.0)
      mini_mime (>= 0.1.1)
    mercenary (0.3.6)
    mini_magick (4.8.0)
    mini_mime (1.0.0)
    minima (2.1.1)
      jekyll (~> 3.3)
    nuggets (1.5.0)
    pathutil (0.16.1)
      forwardable-extended (~> 2.6)
    public_suffix (3.0.1)
    rb-fsevent (0.10.2)
    rb-inotify (0.9.10)
      ffi (>= 0.5.0, < 2)
    rouge (3.1.0)
    ruby_dep (1.5.0)
    safe_yaml (1.0.4)
    sass (3.5.5)
      sass-listen (~> 4.0.0)
    sass-listen (4.0.0)
      rb-fsevent (~> 0.9, >= 0.9.4)
      rb-inotify (~> 0.9, >= 0.9.7)

PLATFORMS
  ruby

DEPENDENCIES
  jekyll
  jekyll-compose!
  jekyll-email!
  jekyll-image-resizer!
  jekyll-paginate
  jekyll-sitemap
  jekyll-tagging
  minima
  tzinfo-data

RUBY VERSION
   ruby 2.4.0p0

BUNDLED WITH
   1.16.1
