GIT
  remote: git@github.com:kisakov/jekyll-compose.git
  revision: 28b08bb144f7749d2f93a41ecf36c347c9ce301e
  specs:
    jekyll-compose (0.6.0)
      jekyll (>= 3.0.0)

GIT
  remote: git@github.com:kisakov/jekyll-email.git
  revision: af914205c2986971f72eb9e06305771c28e9452b
  specs:
    jekyll-email (0.5.5)
      dotenv
      jekyll (~> 3.3)
      letter_opener
      mail

GIT
  remote: git@github.com:kisakov/jekyll-image-resizer.git
  revision: 295453fc8fcb7eecb23d779f8f43fe458214d64f
  specs:
    jekyll-image-resizer (0.3.0)
      jekyll (~> 3.3)
      mini_magick

GEM
  remote: https://rubygems.org/
  specs:
    addressable (2.5.2)
      public_suffix (>= 2.0.2, < 4.0)
    colorator (1.1.0)
    dotenv (2.2.1)
    ffi (1.9.18)
    forwardable-extended (2.6.0)
    jekyll (3.6.2)
      addressable (~> 2.4)
      colorator (~> 1.0)
      jekyll-sass-converter (~> 1.0)
      jekyll-watch (~> 1.1)
      kramdown (~> 1.14)
      liquid (~> 4.0)
      mercenary (~> 0.3.3)
      pathutil (~> 0.9)
      rouge (>= 1.7, < 3)
      safe_yaml (~> 1.0)
    jekyll-paginate (1.1.0)
    jekyll-sass-converter (1.5.0)
      sass (~> 3.4)
    jekyll-watch (1.5.0)
      listen (~> 3.0, < 3.1)
    kramdown (1.15.0)
    launchy (2.4.3)
      addressable (~> 2.3)
    letter_opener (1.4.1)
      launchy (~> 2.2)
    liquid (4.0.0)
    listen (3.0.8)
      rb-fsevent (~> 0.9, >= 0.9.4)
      rb-inotify (~> 0.9, >= 0.9.7)
    mail (2.6.6)
      mime-types (>= 1.16, < 4)
    mercenary (0.3.6)
    mime-types (3.1)
      mime-types-data (~> 3.2015)
    mime-types-data (3.2016.0521)
    mini_magick (4.8.0)
    minima (2.1.1)
      jekyll (~> 3.3)
    pathutil (0.16.0)
      forwardable-extended (~> 2.6)
    public_suffix (3.0.0)
    rb-fsevent (0.10.2)
    rb-inotify (0.9.10)
      ffi (>= 0.5.0, < 2)
    rouge (2.2.1)
    safe_yaml (1.0.4)
    sass (3.5.3)
      sass-listen (~> 4.0.0)
    sass-listen (4.0.0)
      rb-fsevent (~> 0.9, >= 0.9.4)
      rb-inotify (~> 0.9, >= 0.9.7)

PLATFORMS
  ruby

DEPENDENCIES
  jekyll
  jekyll-compose!
  jekyll-email!
  jekyll-image-resizer!
  jekyll-paginate
  minima
  tzinfo-data

RUBY VERSION
   ruby 2.4.0p0

BUNDLED WITH
   1.14.3
