GIT
  remote: git@github.com:kisakov/jekyll-compose.git
  revision: f624b0318f0f0db9de0edc606d50b262a000afb8
  specs:
    jekyll-compose (0.6.2)
      jekyll (>= 3.0.0)

GIT
  remote: git@github.com:kisakov/jekyll-email.git
  revision: acc81f06c480e2078abf036f19915a6fbf68e0af
  specs:
    jekyll-email (0.6.3)
      dotenv
      highline
      jekyll (~> 3.3)
      letter_opener
      mail

GIT
  remote: git@github.com:kisakov/jekyll-image-resizer.git
  revision: 124163410bc6ef42b29c021054b4514361c6d801
  specs:
    jekyll-image-resizer (0.6.2)
      jekyll (>= 3.5, < 5.0)
      mini_magick

GIT
  remote: git@github.com:kisakov/jekyll-tagging.git
  revision: d26b72d235e685cda3d255646ddd04da00cc740b
  specs:
    jekyll-tagging (1.1.0)
      nuggets

GEM
  remote: https://rubygems.org/
  specs:
    addressable (2.7.0)
      public_suffix (>= 2.0.2, < 5.0)
    colorator (1.1.0)
    concurrent-ruby (1.1.7)
    dotenv (2.7.6)
    em-websocket (0.5.2)
      eventmachine (>= 0.12.9)
      http_parser.rb (~> 0.6.0)
    eventmachine (1.2.7)
    ffi (1.14.1)
    forwardable-extended (2.6.0)
    highline (2.0.3)
    http_parser.rb (0.6.0)
    i18n (0.9.5)
      concurrent-ruby (~> 1.0)
    jekyll (3.9.0)
      addressable (~> 2.4)
      colorator (~> 1.0)
      em-websocket (~> 0.5)
      i18n (~> 0.7)
      jekyll-sass-converter (~> 1.0)
      jekyll-watch (~> 2.0)
      kramdown (>= 1.17, < 3)
      liquid (~> 4.0)
      mercenary (~> 0.3.3)
      pathutil (~> 0.9)
      rouge (>= 1.7, < 4)
      safe_yaml (~> 1.0)
    jekyll-feed (0.15.1)
      jekyll (>= 3.7, < 5.0)
    jekyll-paginate-v2 (3.0.0)
      jekyll (>= 3.0, < 5.0)
    jekyll-sass-converter (1.5.2)
      sass (~> 3.4)
    jekyll-seo-tag (2.7.1)
      jekyll (>= 3.8, < 5.0)
    jekyll-sitemap (1.4.0)
      jekyll (>= 3.7, < 5.0)
    jekyll-watch (2.2.1)
      listen (~> 3.0)
    kramdown (2.3.1)
      rexml
    launchy (2.5.0)
      addressable (~> 2.7)
    letter_opener (1.7.0)
      launchy (~> 2.2)
    liquid (4.0.3)
    listen (3.3.3)
      rb-fsevent (~> 0.10, >= 0.10.3)
      rb-inotify (~> 0.9, >= 0.9.10)
    mail (2.7.1)
      mini_mime (>= 0.1.1)
    mercenary (0.3.6)
    mini_magick (4.11.0)
    mini_mime (1.0.2)
    minima (2.4.1)
      jekyll (~> 3.5)
      jekyll-feed (~> 0.9)
      jekyll-seo-tag (~> 2.1)
    nuggets (1.6.0)
    pathutil (0.16.2)
      forwardable-extended (~> 2.6)
    public_suffix (4.0.6)
    rb-fsevent (0.10.4)
    rb-inotify (0.10.1)
      ffi (~> 1.0)
    rexml (3.2.4)
    rouge (3.26.0)
    safe_yaml (1.0.5)
    sass (3.7.4)
      sass-listen (~> 4.0.0)
    sass-listen (4.0.0)
      rb-fsevent (~> 0.9, >= 0.9.4)
      rb-inotify (~> 0.9, >= 0.9.7)

PLATFORMS
  ruby

DEPENDENCIES
  jekyll
  jekyll-compose!
  jekyll-email!
  jekyll-image-resizer!
  jekyll-paginate-v2
  jekyll-sitemap
  jekyll-tagging!
  kramdown (~> 2.3)
  minima (~> 2.4.1)

RUBY VERSION
   ruby 2.7.1p83

BUNDLED WITH
   2.1.4
